GEM
  remote: https://rubygems.org/
  specs:
    activemodel (6.0.1)
      activesupport (= 6.0.1)
    activerecord (6.0.1)
      activemodel (= 6.0.1)
      activesupport (= 6.0.1)
    activesupport (6.0.1)
      concurrent-ruby (~> 1.0, >= 1.0.2)
      i18n (>= 0.7, < 2)
      minitest (~> 5.1)
      tzinfo (~> 1.1)
      zeitwerk (~> 2.2)
    bcrypt (3.1.13)
    byebug (11.0.1)
    coderay (1.1.2)
    concurrent-ruby (1.1.5)
    i18n (1.7.0)
      concurrent-ruby (~> 1.0)
    method_source (0.9.2)
    minitest (5.13.0)
    mustermann (3.0.0)
      ruby2_keywords (~> 0.0.1)
    pry (0.12.2)
      coderay (~> 1.1.0)
      method_source (~> 0.9.0)
    pry-nav (0.3.0)
      pry (>= 0.9.10, < 0.13.0)
    rack (2.2.4)
    rack-flash3 (1.0.5)
      rack
    rack-protection (3.0.4)
      rack
    require_all (3.0.0)
    ruby2_keywords (0.0.5)
    sinatra (3.0.4)
      mustermann (~> 3.0)
      rack (~> 2.2, >= 2.2.4)
      rack-protection (= 3.0.4)
      tilt (~> 2.0)
    sinatra-activerecord (2.0.14)
      activerecord (>= 3.2)
      sinatra (>= 1.0)
    sinatra-flash (0.3.0)
      sinatra (>= 1.0.0)
    sinatra-redirect-with-flash (0.2.1)
      sinatra (>= 1.0.0)
    sqlite3 (1.4.1)
    thread_safe (0.3.6)
    tilt (2.0.11)
    tty-tree (0.3.0)
    tzinfo (1.2.5)
      thread_safe (~> 0.1)
    zeitwerk (2.2.2)

PLATFORMS
  ruby

DEPENDENCIES
  activerecord
  bcrypt
  byebug
  pry
  pry-nav
  rack-flash3
  require_all
  sinatra-activerecord
  sinatra-flash
  sinatra-redirect-with-flash
  sqlite3
  tty-tree

BUNDLED WITH
   2.0.2
